PATH
  remote: .
  specs:
    chef-utils (15.4.22)

GEM
  remote: https://rubygems.org/
  specs:
    diff-lcs (1.3)
    rake (12.3.1)
    rspec-core (3.8.0)
      rspec-support (~> 3.8.0)
    rspec-expectations (3.8.1)
      diff-lcs (>= 1.2.0, < 2.0)
      rspec-support (~> 3.8.0)
    rspec-mocks (3.8.0)
      diff-lcs (>= 1.2.0, < 2.0)
      rspec-support (~> 3.8.0)
    rspec-support (3.8.0)

PLATFORMS
  ruby

DEPENDENCIES
  chef-utils!
  rake
  rspec-core (~> 3.2)
  rspec-expectations (~> 3.2)
  rspec-mocks (~> 3.2)

BUNDLED WITH
   1.17.3
