PATH
  remote: .
  specs:
    chef-helpers (15.4.22)

GEM
  remote: https://rubygems.org/
  specs:
    diff-lcs (1.3)
    rake (13.0.0)
    rspec-core (3.8.2)
      rspec-support (~> 3.8.0)
    rspec-expectations (3.8.5)
      diff-lcs (>= 1.2.0, < 2.0)
      rspec-support (~> 3.8.0)
    rspec-mocks (3.8.2)
      diff-lcs (>= 1.2.0, < 2.0)
      rspec-support (~> 3.8.0)
    rspec-support (3.8.3)

PLATFORMS
  ruby

DEPENDENCIES
  chef-helpers!
  rake
  rspec-core (~> 3.2)
  rspec-expectations (~> 3.2)
  rspec-mocks (~> 3.2)

BUNDLED WITH
   2.0.1
